GEM
  remote: https://rubygems.org/
  specs:
    activesupport (5.1.4)
      concurrent-ruby (~> 1.0, >= 1.0.2)
      i18n (~> 0.7)
      minitest (~> 5.1)
      tzinfo (~> 1.1)
    addressable (2.5.2)
      public_suffix (>= 2.0.2, < 4.0)
    buftok (0.2.0)
    concurrent-ruby (1.0.5)
    domain_name (0.5.20180417)
      unf (>= 0.0.5, < 1.0.0)
    elephrame (0.4.3)
      moostodon (~> 0.2.0)
      rufus-scheduler
    et-orbi (1.0.7)
      tzinfo
    http (3.3.0)
      addressable (~> 2.3)
      http-cookie (~> 1.0)
      http-form_data (~> 2.0)
      http_parser.rb (~> 0.6.0)
    http-cookie (1.0.3)
      domain_name (~> 0.5)
    http-form_data (2.1.1)
    http_parser.rb (0.6.0)
    i18n (0.9.0)
      concurrent-ruby (~> 1.0)
    minitest (5.10.3)
    moostodon (0.2.0)
      addressable (~> 2.5)
      buftok (~> 0)
      http (~> 3.0)
      oj (~> 3.3)
    mysql2 (0.5.2)
    oj (3.7.4)
    public_suffix (3.0.3)
    rufus-scheduler (3.4.2)
      et-orbi (~> 1.0)
    sqlite3 (1.3.13)
    thread_safe (0.3.6)
    tzinfo (1.2.3)
      thread_safe (~> 0.1)
    unf (0.1.4)
      unf_ext
    unf_ext (0.0.7.5)

PLATFORMS
  ruby

DEPENDENCIES
  activesupport
  elephrame (~> 0.4.3)
  mysql2
  rufus-scheduler
  sqlite3

BUNDLED WITH
   1.17.1
